GEM
  remote: http://rubygems.org/
  specs:
    ZenTest (4.6.2)
    diff-lcs (1.1.3)
    domain_name (0.5.1)
      unf (~> 0.0.3)
    fakeweb (1.3.0)
    mechanize (2.1)
      domain_name (~> 0.5, >= 0.5.1)
      net-http-digest_auth (~> 1.1, >= 1.1.1)
      net-http-persistent (~> 2.3, >= 2.3.2)
      nokogiri (~> 1.4)
      ntlm-http (~> 0.1, >= 0.1.1)
      webrobots (~> 0.0, >= 0.0.9)
    net-http-digest_auth (1.2)
    net-http-persistent (2.3.3)
    nokogiri (1.5.0)
    ntlm-http (0.1.1)
    rspec (2.7.0)
      rspec-core (~> 2.7.0)
      rspec-expectations (~> 2.7.0)
      rspec-mocks (~> 2.7.0)
    rspec-core (2.7.1)
    rspec-expectations (2.7.0)
      diff-lcs (~> 1.1.2)
    rspec-mocks (2.7.0)
    unf (0.0.4)
      unf_ext
    unf_ext (0.0.4)
    webrobots (0.0.12)
      nokogiri (>= 1.4.4)

PLATFORMS
  ruby

DEPENDENCIES
  ZenTest
  fakeweb
  mechanize
  rspec
